PATH
  remote: .
  specs:
    benning_violins (0.1.0)

GEM
  remote: https://rubygems.org/
  specs:
    coderay (1.1.2)
    method_source (1.0.0)
    mini_portile2 (2.4.0)
    nokogiri (1.10.9)
      mini_portile2 (~> 2.4.0)
    pry (0.13.0)
      coderay (~> 1.1)
      method_source (~> 1.0)
    rake (10.5.0)

PLATFORMS
  ruby

DEPENDENCIES
  benning_violins!
  bundler (~> 2.0)
  nokogiri
  pry
  rake (~> 10.0)

BUNDLED WITH
   2.1.4
