PATH
  remote: .
  specs:
    benning_violins (0.1.0)
      colorize
      nokogiri
      word_wrap

GEM
  remote: https://rubygems.org/
  specs:
    coderay (1.1.3)
    colorize (0.8.1)
    method_source (1.0.0)
    nokogiri (1.13.4-arm64-darwin)
      racc (~> 1.4)
    nokogiri (1.13.4-x86_64-linux)
      racc (~> 1.4)
    pry (0.14.1)
      coderay (~> 1.1)
      method_source (~> 1.0)
    racc (1.6.0)
    rake (13.0.6)
    word_wrap (1.0.0)

PLATFORMS
  arm64-darwin-21
  x86_64-linux

DEPENDENCIES
  benning_violins!
  bundler (~> 2.0)
  pry
  rake (~> 13.0)

BUNDLED WITH
   2.3.11
