PATH
  remote: .
  specs:
    benning_violins (0.1.0)
      colorize
      nokogiri
      word_wrap

GEM
  remote: https://rubygems.org/
  specs:
    coderay (1.1.2)
    colorize (0.8.1)
    method_source (1.0.0)
    mini_portile2 (2.8.0)
    nokogiri (1.13.3)
      mini_portile2 (~> 2.8.0)
      racc (~> 1.4)
    pry (0.13.0)
      coderay (~> 1.1)
      method_source (~> 1.0)
    racc (1.6.0)
    rake (10.5.0)
    word_wrap (1.0.0)

PLATFORMS
  ruby

DEPENDENCIES
  benning_violins!
  bundler (~> 2.0)
  pry
  rake (~> 10.0)

BUNDLED WITH
   2.1.4
